GEM
  remote: http://rubygems.org/
  specs:
    chunky_png (1.3.4)
    indico (0.5.2)
      inifile (~> 3.0.0)
      oily_png (~> 1.2.0)
    inifile (3.0.0)
    oily_png (1.2.0)
      chunky_png (~> 1.3.1)

PLATFORMS
  ruby

DEPENDENCIES
  indico

BUNDLED WITH
   1.10.6
